GIT
  remote: https://github.com/stefansundin/prometheus-client.git
  revision: fc179858e6e00a13a649dbdaa5b7de67fa68b1a5
  branch: master
  specs:
    prometheus-client (2.0.0)

GEM
  remote: https://rubygems.org/
  specs:
    addressable (2.8.0)
      public_suffix (>= 2.0.2, < 5.0)
    airbrake (13.0.0)
      airbrake-ruby (~> 6.0)
    airbrake-ruby (6.0.2)
      rbtree3 (~> 0.5)
    clogger (2.3.1)
      rack (>= 1.0, < 3.0)
    coderay (1.1.3)
    concurrent-ruby (1.1.9)
    crass (1.0.6)
    dotenv (2.7.6)
    feedjira (3.2.1)
      loofah (>= 2.3.1)
      sax-machine (>= 1.0)
    github-release-party (0.3.6)
      rake (>= 12)
    heroku-env (0.1.4)
    io-console (0.5.11)
    irb (1.4.0)
      reline (>= 0.3.0)
    loofah (2.14.0)
      crass (~> 1.0.2)
      nokogiri (>= 1.5.9)
    method_source (1.0.0)
    mini_portile2 (2.8.0)
    multi_json (1.15.0)
    mustermann (1.1.1)
      ruby2_keywords (~> 0.0.1)
    newrelic_rpm (8.4.0)
    nio4r (2.5.8)
    nokogiri (1.13.3)
      mini_portile2 (~> 2.8.0)
      racc (~> 1.4)
    opengraph_parser (0.2.4)
      addressable
      nokogiri
    powder (0.4.0)
      thor (>= 0.11.5)
    pry (0.14.1)
      coderay (~> 1.1)
      method_source (~> 1.0)
    pry-remote (0.1.8)
      pry (~> 0.9)
      slop (~> 3.0)
    public_suffix (4.0.6)
    puma (5.6.2)
      nio4r (~> 2.0)
    racc (1.6.0)
    rack (2.2.3)
    rack-protection (2.2.0)
      rack
    rack-ssl-enforcer (0.2.9)
    rake (13.0.6)
    rbtree3 (0.7.0)
    redis (4.6.0)
    reline (0.3.1)
      io-console (~> 0.5)
    ruby2_keywords (0.0.5)
    sax-machine (1.3.2)
    secure_headers (6.3.3)
    sinatra (2.2.0)
      mustermann (~> 1.0)
      rack (~> 2.2)
      rack-protection (= 2.2.0)
      tilt (~> 2.0)
    sinatra-contrib (2.2.0)
      multi_json
      mustermann (~> 1.0)
      rack-protection (= 2.2.0)
      sinatra (= 2.2.0)
      tilt (~> 2.0)
    slop (3.6.0)
    thor (1.2.1)
    tilt (2.0.10)
    tzinfo (2.0.4)
      concurrent-ruby (~> 1.0)

PLATFORMS
  ruby

DEPENDENCIES
  addressable
  airbrake
  clogger
  dotenv
  feedjira
  github-release-party
  heroku-env
  irb (= 1.4.0)
  newrelic_rpm
  nokogiri
  opengraph_parser
  powder
  prometheus-client!
  pry-remote
  puma
  rack
  rack-ssl-enforcer
  rake
  redis
  secure_headers
  sinatra
  sinatra-contrib
  tzinfo

RUBY VERSION
   ruby 3.1.1p18

BUNDLED WITH
   2.3.7
